GEM
  remote: http://rubygems.org/
  specs:
    chunky_png (1.2.0)
    oily_png (1.0.1)
      chunky_png (~> 1)
    rack (1.2.2)
    rack-test (0.6.0)
      rack (>= 1.0)
    sinatra (1.2.6)
      rack (~> 1.1)
      tilt (>= 1.2.2, < 2.0)
    tilt (1.3)

PLATFORMS
  ruby

DEPENDENCIES
  oily_png (~> 1.0.1)
  rack (~> 1.2.2)
  rack-test (~> 0.6.0)
  sinatra (~> 1.2)
